GEM
  remote: https://rubygems.org/
  specs:
    power_assert (2.0.3)
    test-unit (3.6.1)
      power_assert

PLATFORMS
  ruby
  x86_64-darwin-21

DEPENDENCIES
  test-unit (~> 3.6, >= 3.6.1)

RUBY VERSION
   ruby 3.3.0p0

BUNDLED WITH
   2.5.5
